GEM
  remote: http://rubygems.org/
  specs:
    activesupport (3.2.12)
      i18n (~> 0.6)
      multi_json (~> 1.0)
    addressable (2.3.3)
    ansi (1.4.3)
    backports (3.1.1)
    crack (0.3.2)
    hashie (1.2.0)
    httparty (0.10.2)
      multi_json (~> 1.0)
      multi_xml (>= 0.5.2)
    i18n (0.6.4)
    mime-types (1.22)
    minitest (4.7.0)
    multi_json (1.7.1)
    multi_xml (0.5.3)
    nokogiri (1.5.9)
    rake (10.0.3)
    rest-client (1.6.7)
      mime-types (>= 1.16)
    ruby_odata (0.1.2)
      activesupport (>= 3.0.0)
      backports (>= 2.3.0)
      i18n (~> 0.6.0)
      nokogiri (>= 1.4.2)
      rest-client (>= 1.5.1)
    turn (0.9.6)
      ansi
    vcr (2.4.0)
    webmock (1.9.0)
      addressable (>= 2.2.7)
      crack (>= 0.1.7)

PLATFORMS
  ruby

DEPENDENCIES
  hashie
  httparty
  minitest
  rake
  ruby_odata
  turn
  vcr
  webmock (= 1.9.0)
